PATH
  remote: ..
  specs:
    ascii_paint (0.0.0)
      chunky_png (~> 1.2.9)

GEM
  remote: http://rubygems.org/
  specs:
    chunky_png (1.2.9)
    coderay (1.0.9)
    method_source (0.8.2)
    pry (0.9.12.2)
      coderay (~> 1.0.5)
      method_source (~> 0.8)
      slop (~> 3.4)
    slop (3.4.6)

PLATFORMS
  ruby

DEPENDENCIES
  ascii_paint!
  pry
