PATH
  remote: .
  specs:
    ascii_paint (0.0.0)
      chunky_png (~> 1.2.9)

GEM
  remote: https://rubygems.org/
  specs:
    chunky_png (1.2.9)

PLATFORMS
  ruby

DEPENDENCIES
  ascii_paint!
